GEM
  remote: https://rubygems.org/
  specs:
    google-protobuf (3.14.0)
    googleapis-common-protos-types (1.0.5)
      google-protobuf (~> 3.11)
    grpc (1.34.0)
      google-protobuf (~> 3.13)
      googleapis-common-protos-types (~> 1.0)
    grpc-tools (1.34.0)

PLATFORMS
  ruby

DEPENDENCIES
  grpc
  grpc-tools

BUNDLED WITH
   2.1.2
